GIT
  remote: git://github.com/sorah/ruboty-imascg.git
  revision: efedb4c8622762dd953f38dc523ffb14122a32e2
  specs:
    ruboty-imascg (1.0.0)
      ruboty

GIT
  remote: git://github.com/sorah/ruboty-imasml.git
  revision: 2ce6c3adc8e4e7dc4cb695773efd23be9d9ce8be
  specs:
    ruboty-imasml (0.0.1)
      nokogiri
      ruboty

GIT
  remote: git://github.com/sorah/ruboty-tumblr_image.git
  revision: f24b5e738ac53da485e6c432381533c71104b071
  ref: tumblr-api
  specs:
    ruboty-tumblr_image (0.0.2)
      faraday
      faraday_middleware
      ruboty

GEM
  remote: https://rubygems.org/
  specs:
    activesupport (4.2.4)
      i18n (~> 0.7)
      json (~> 1.7, >= 1.7.7)
      minitest (~> 5.1)
      thread_safe (~> 0.3, >= 0.3.4)
      tzinfo (~> 1.1)
    addressable (2.3.8)
    chrono (0.1.0)
      activesupport
    coderay (1.1.0)
    docomoru (0.1.3)
      activesupport
      faraday
      faraday_middleware
      json
      rack
      slop
    dotenv (2.0.2)
    faraday (0.9.1)
      multipart-post (>= 1.2, < 3)
    faraday_middleware (0.10.0)
      faraday (>= 0.7.4, < 0.10)
    hashie (3.4.2)
    i18n (0.7.0)
    json (1.8.3)
    mem (0.1.5)
    method_source (0.8.2)
    mini_portile (0.6.2)
    minitest (5.8.0)
    multi_xml (0.5.5)
    multipart-post (2.0.0)
    nokogiri (1.6.6.2)
      mini_portile (~> 0.6.0)
    octokit (4.1.0)
      sawyer (~> 0.6.0, >= 0.5.3)
    pry (0.8.3)
      coderay (>= 0.9.7)
      method_source (>= 0.4.0)
      ruby_parser (>= 2.0.5)
      slop (>= 1.5.3)
    rack (1.6.4)
    rake (10.4.2)
    redis (3.2.1)
    redis-namespace (1.5.2)
      redis (~> 3.0, >= 3.0.4)
    ruboty (1.2.2)
      activesupport
      bundler
      dotenv
      mem
      slop
    ruboty-alias (0.0.8)
      ruboty (>= 1.1.1)
    ruboty-cron (1.0.2)
      activesupport
      chrono
      ruboty (>= 0.2.0)
    ruboty-echo (0.1.0)
      ruboty
    ruboty-github (0.2.0)
      activesupport
      octokit
      ruboty
    ruboty-google_image (0.0.7)
      faraday
      faraday_middleware
      ruboty
    ruboty-hitozuma (0.0.3)
      ruboty
    ruboty-japan_weather (0.0.4)
      ruboty
      weather_jp
    ruboty-lgtm (0.0.3)
      faraday
      faraday_middleware
      ruboty
    ruboty-redis (0.0.6)
      redis
      redis-namespace
      ruboty
    ruboty-scorekeeper (0.0.3)
      ruboty
    ruboty-slack (0.1.12)
      ruboty (>= 1.0.4)
      xrc (>= 0.1.8)
    ruboty-syoboi_calendar (0.0.7)
      activesupport
      ruboty
      syoboi_calendar (= 0.3.1)
    ruboty-talk (0.0.5)
      docomoru (>= 0.0.3)
      ruboty (>= 1.1.0)
    ruboty-zoi (1.1.0)
      ruboty
    ruby_parser (3.7.1)
      sexp_processor (~> 4.1)
    sawyer (0.6.0)
      addressable (~> 2.3.5)
      faraday (~> 0.8, < 0.10)
    sexp_processor (4.6.0)
    slop (4.2.0)
    syoboi_calendar (0.3.1)
      activesupport
      faraday
      faraday_middleware
      hashie
      multi_xml
    thread_safe (0.3.5)
    tzinfo (1.2.2)
      thread_safe (~> 0.1)
    weather_jp (2.0.0)
      activesupport
      nokogiri
      rack
      rake (>= 0.9.2)
    xrc (0.1.8)
      activesupport

PLATFORMS
  ruby

DEPENDENCIES
  pry
  rake
  ruboty
  ruboty-alias
  ruboty-cron
  ruboty-echo
  ruboty-github
  ruboty-google_image
  ruboty-hitozuma
  ruboty-imascg!
  ruboty-imasml!
  ruboty-japan_weather
  ruboty-lgtm
  ruboty-redis
  ruboty-scorekeeper
  ruboty-slack
  ruboty-syoboi_calendar
  ruboty-talk
  ruboty-tumblr_image!
  ruboty-zoi (~> 1.1.0)
